GEM
  remote: https://rubygems.org/
  specs:
    diff-lcs (1.5.0)
    psych (3.3.2)
    rspec (3.11.0)
      rspec-core (~> 3.11.0)
      rspec-expectations (~> 3.11.0)
      rspec-mocks (~> 3.11.0)
    rspec-core (3.11.0)
      rspec-support (~> 3.11.0)
    rspec-expectations (3.11.0)
      diff-lcs (>= 1.2.0, < 2.0)
      rspec-support (~> 3.11.0)
    rspec-mocks (3.11.1)
      diff-lcs (>= 1.2.0, < 2.0)
      rspec-support (~> 3.11.0)
    rspec-support (3.11.0)
    rspec-tap-formatters (0.1.0)
      psych (>= 2.0, < 4.0)
      rspec-core (>= 3.0, < 4.0)

PLATFORMS
  arm64-darwin-21

DEPENDENCIES
  rspec
  rspec-tap-formatters

RUBY VERSION
   ruby 3.1.2p20

BUNDLED WITH
   2.3.13
